PATH
  remote: .
  specs:
    faker (3.0.0)
      i18n (>= 1.8.11, < 2)

GEM
  remote: https://rubygems.org/
  specs:
    ast (2.4.2)
    coderay (1.1.3)
    concurrent-ruby (1.1.10)
    docile (1.4.0)
    i18n (1.12.0)
      concurrent-ruby (~> 1.0)
    json (2.6.3)
    method_source (1.0.0)
    minitest (5.16.3)
    parallel (1.22.1)
    parser (3.1.3.0)
      ast (~> 2.4.1)
    power_assert (2.0.2)
    pry (0.14.1)
      coderay (~> 1.1)
      method_source (~> 1.0)
    rainbow (3.1.1)
    rake (13.0.6)
    regexp_parser (2.6.1)
    rexml (3.2.5)
    rubocop (1.41.1)
      json (~> 2.3)
      parallel (~> 1.10)
      parser (>= 3.1.2.1)
      rainbow (>= 2.2.2, < 4.0)
      regexp_parser (>= 1.8, < 3.0)
      rexml (>= 3.2.5, < 4.0)
      rubocop-ast (>= 1.23.0, < 2.0)
      ruby-progressbar (~> 1.7)
      unicode-display_width (>= 1.4.0, < 3.0)
    rubocop-ast (1.24.0)
      parser (>= 3.1.1.0)
    rubocop-minitest (0.25.0)
      rubocop (>= 0.90, < 2.0)
    rubocop-rake (0.6.0)
      rubocop (~> 1.0)
    ruby-progressbar (1.11.0)
    simplecov (0.21.2)
      docile (~> 1.1)
      simplecov-html (~> 0.11)
      simplecov_json_formatter (~> 0.1)
    simplecov-html (0.12.3)
    simplecov_json_formatter (0.1.4)
    test-unit (3.5.7)
      power_assert
    timecop (0.9.6)
    unicode-display_width (2.3.0)
    webrick (1.7.0)
    yard (0.9.27)
      webrick (~> 1.7.0)

PLATFORMS
  ruby

DEPENDENCIES
  faker!
  minitest (= 5.16.3)
  pry (= 0.14.1)
  rake (= 13.0.6)
  rubocop (= 1.41.1)
  rubocop-minitest (= 0.25.0)
  rubocop-rake (= 0.6.0)
  simplecov (= 0.21.2)
  test-unit (= 3.5.7)
  timecop (= 0.9.6)
  yard (= 0.9.27)

BUNDLED WITH
   2.1.4
