PATH
  remote: .
  specs:
    faker (1.8.7)
      i18n (>= 0.7)

GEM
  remote: https://rubygems.org/
  specs:
    ansi (1.5.0)
    ast (2.4.0)
    concurrent-ruby (1.0.5)
    docile (1.3.0)
    hirb (0.7.3)
    i18n (0.9.1)
      concurrent-ruby (~> 1.0)
    json (2.1.0)
    minitest (5.10.3)
    parallel (1.12.1)
    parser (2.5.1.0)
      ast (~> 2.4.0)
    power_assert (1.1.1)
    powerpack (0.1.1)
    rainbow (3.0.0)
    rake (12.3.0)
    rubocop (0.56.0)
      parallel (~> 1.10)
      parser (>= 2.5)
      powerpack (~> 0.1)
      rainbow (>= 2.2.2, < 4.0)
      ruby-progressbar (~> 1.7)
      unicode-display_width (~> 1.0, >= 1.0.1)
    ruby-progressbar (1.9.0)
    simplecov (0.16.1)
      docile (~> 1.1)
      json (>= 1.8, < 3)
      simplecov-html (~> 0.10.0)
    simplecov-console (0.4.2)
      ansi
      hirb
      simplecov
    simplecov-html (0.10.2)
    test-unit (3.2.6)
      power_assert
    timecop (0.9.1)
    unicode-display_width (1.3.2)

PLATFORMS
  ruby

DEPENDENCIES
  faker!
  minitest
  rake
  rubocop
  simplecov
  simplecov-console
  test-unit
  timecop

BUNDLED WITH
   1.16.2
