PATH
  remote: .
  specs:
    faker (1.3.0)
      i18n (~> 0.5)
      iso-iban (~> 0.1)

GEM
  remote: http://rubygems.org/
  specs:
    i18n (0.6.9)
    iso-iban (0.1.2)
    rake (10.1.0)
    test-unit (2.5.5)

PLATFORMS
  ruby

DEPENDENCIES
  faker!
  rake
  test-unit
