PATH
  remote: .
  specs:
    faker (1.0.1)
      i18n (~> 0.5)

GEM
  remote: http://rubygems.org/
  specs:
    i18n (0.6.0)
    rake (0.9.2.2)
    test-unit (2.4.5)

PLATFORMS
  ruby

DEPENDENCIES
  faker!
  rake
  test-unit
