PATH
  remote: .
  specs:
    faker (3.3.1)
      i18n (>= 1.8.11, < 2)

GEM
  remote: https://rubygems.org/
  specs:
    ast (2.4.2)
    benchmark (0.3.0)
    coderay (1.1.3)
    concurrent-ruby (1.2.3)
    docile (1.4.0)
    i18n (1.14.4)
      concurrent-ruby (~> 1.0)
    json (2.7.2)
    language_server-protocol (3.17.0.3)
    method_source (1.0.0)
    minitest (5.22.3)
    parallel (1.24.0)
    parser (3.3.1.0)
      ast (~> 2.4.1)
      racc
    power_assert (2.0.3)
    pry (0.14.2)
      coderay (~> 1.1)
      method_source (~> 1.0)
    racc (1.7.3)
    rainbow (3.1.1)
    rake (13.2.1)
    regexp_parser (2.9.0)
    rexml (3.2.6)
    rubocop (1.63.4)
      json (~> 2.3)
      language_server-protocol (>= 3.17.0)
      parallel (~> 1.10)
      parser (>= 3.3.0.2)
      rainbow (>= 2.2.2, < 4.0)
      regexp_parser (>= 1.8, < 3.0)
      rexml (>= 3.2.5, < 4.0)
      rubocop-ast (>= 1.31.1, < 2.0)
      ruby-progressbar (~> 1.7)
      unicode-display_width (>= 2.4.0, < 3.0)
    rubocop-ast (1.31.2)
      parser (>= 3.3.0.4)
    rubocop-minitest (0.35.0)
      rubocop (>= 1.61, < 2.0)
      rubocop-ast (>= 1.31.1, < 2.0)
    rubocop-rake (0.6.0)
      rubocop (~> 1.0)
    ruby-progressbar (1.13.0)
    simplecov (0.22.0)
      docile (~> 1.1)
      simplecov-html (~> 0.11)
      simplecov_json_formatter (~> 0.1)
    simplecov-html (0.12.3)
    simplecov_json_formatter (0.1.4)
    test-unit (3.6.2)
      power_assert
    timecop (0.9.8)
    tzinfo (2.0.6)
      concurrent-ruby (~> 1.0)
    unicode-display_width (2.5.0)
    yard (0.9.36)

PLATFORMS
  arm64-darwin-22
  x86_64-linux

DEPENDENCIES
  benchmark
  faker!
  minitest (= 5.22.3)
  pry (= 0.14.2)
  rake (= 13.2.1)
  rubocop (= 1.63.4)
  rubocop-minitest (= 0.35.0)
  rubocop-rake (= 0.6.0)
  simplecov (= 0.22.0)
  test-unit (= 3.6.2)
  timecop (= 0.9.8)
  tzinfo (= 2.0.6)
  yard (= 0.9.36)

BUNDLED WITH
   2.2.33
