PATH
  remote: .
  specs:
    faker (1.5.0)
      i18n (~> 0.5)

GEM
  remote: https://rubygems.org/
  specs:
    i18n (0.6.9)
    minitest (5.8.2)
    rake (10.1.0)
    test-unit (2.5.5)

PLATFORMS
  ruby

DEPENDENCIES
  faker!
  minitest
  rake
  test-unit

BUNDLED WITH
   1.10.6
