PATH
  remote: .
  specs:
    faker (1.6.1)
      i18n (~> 0.5)

GEM
  remote: https://rubygems.org/
  specs:
    ast (2.1.0)
    astrolabe (1.3.0)
      parser (>= 2.2.0.pre.3, < 3.0)
    i18n (0.7.0)
    minitest (5.8.3)
    parser (2.2.2.5)
      ast (>= 1.1, < 3.0)
    powerpack (0.1.1)
    rainbow (2.0.0)
    rake (10.1.0)
    rubocop (0.32.1)
      astrolabe (~> 1.3)
      parser (>= 2.2.2.5, < 3.0)
      powerpack (~> 0.1)
      rainbow (>= 1.99.1, < 3.0)
      ruby-progressbar (~> 1.4)
    ruby-progressbar (1.7.5)
    test-unit (2.5.5)

PLATFORMS
  ruby

DEPENDENCIES
  faker!
  minitest
  rake
  rubocop
  test-unit

BUNDLED WITH
   1.10.6
