PATH
  remote: .
  specs:
    faker (1.8.0)
      i18n (~> 0.5)

GEM
  remote: https://rubygems.org/
  specs:
    i18n (0.8.4)
    minitest (5.10.2)
    power_assert (1.0.2)
    rake (12.0.0)
    test-unit (3.2.5)
      power_assert
    timecop (0.9.0)

PLATFORMS
  ruby

DEPENDENCIES
  faker!
  minitest
  rake
  test-unit
  timecop

BUNDLED WITH
   1.15.1
