PATH
  remote: .
  specs:
    faker (2.12.0)
      i18n (>= 1.6, < 2)

GEM
  remote: https://rubygems.org/
  specs:
    ast (2.4.0)
    coderay (1.1.2)
    concurrent-ruby (1.1.6)
    docile (1.3.2)
    i18n (1.8.3)
      concurrent-ruby (~> 1.0)
    json (2.3.0)
    method_source (1.0.0)
    minitest (5.14.1)
    parallel (1.19.1)
    parser (2.7.1.3)
      ast (~> 2.4.0)
    power_assert (1.2.0)
    pry (0.13.1)
      coderay (~> 1.1)
      method_source (~> 1.0)
    rainbow (3.0.0)
    rake (13.0.1)
    regexp_parser (1.7.1)
    rexml (3.2.4)
    rubocop (0.85.1)
      parallel (~> 1.10)
      parser (>= 2.7.0.1)
      rainbow (>= 2.2.2, < 4.0)
      regexp_parser (>= 1.7)
      rexml
      rubocop-ast (>= 0.0.3)
      ruby-progressbar (~> 1.7)
      unicode-display_width (>= 1.4.0, < 2.0)
    rubocop-ast (0.0.3)
      parser (>= 2.7.0.1)
    ruby-progressbar (1.10.1)
    simplecov (0.17.1)
      docile (~> 1.1)
      json (>= 1.8, < 3)
      simplecov-html (~> 0.10.0)
    simplecov-html (0.10.2)
    test-unit (3.3.6)
      power_assert
    timecop (0.9.1)
    unicode-display_width (1.7.0)
    yard (0.9.25)

PLATFORMS
  ruby

DEPENDENCIES
  faker!
  minitest (= 5.14.1)
  pry (= 0.13.1)
  rake (= 13.0.1)
  rubocop (= 0.85.1)
  simplecov (= 0.17.1)
  test-unit (= 3.3.6)
  timecop (= 0.9.1)
  yard (= 0.9.25)

BUNDLED WITH
   2.1.2
