PATH
  remote: .
  specs:
    faker (1.8.4)
      i18n (~> 0.5)

GEM
  remote: https://rubygems.org/
  specs:
    concurrent-ruby (1.0.5)
    i18n (0.9.1)
      concurrent-ruby (~> 1.0)
    minitest (5.10.3)
    power_assert (1.1.1)
    rake (12.2.1)
    test-unit (3.2.6)
      power_assert
    timecop (0.9.1)

PLATFORMS
  ruby

DEPENDENCIES
  faker!
  minitest
  rake
  test-unit
  timecop

BUNDLED WITH
   1.15.3
